PATH
  remote: .
  specs:
    macos_utility (0.0.4)
      timeout (= 0.0)

GEM
  remote: https://rubygems.org/
  specs:
    diff-lcs (1.3)
    minitest (5.10.3)
    rake (10.5.0)
    rspec (3.6.0)
      rspec-core (~> 3.6.0)
      rspec-expectations (~> 3.6.0)
      rspec-mocks (~> 3.6.0)
    rspec-core (3.6.0)
      rspec-support (~> 3.6.0)
    rspec-expectations (3.6.0)
      diff-lcs (>= 1.2.0, < 2.0)
      rspec-support (~> 3.6.0)
    rspec-mocks (3.6.0)
      diff-lcs (>= 1.2.0, < 2.0)
      rspec-support (~> 3.6.0)
    rspec-support (3.6.0)
    timeout (0.0.0)

PLATFORMS
  ruby

DEPENDENCIES
  bundler (~> 1.14)
  macos_utility!
  minitest (~> 5.10)
  rake (~> 10.5)
  rspec (~> 3.0)

BUNDLED WITH
   1.16.0.pre.1
